GEM
  remote: https://rubygems.org/
  specs:
    rexml (3.2.5)
    rss (0.2.9)
      rexml

PLATFORMS
  x86_64-linux

DEPENDENCIES
  rss

BUNDLED WITH
   2.3.5
